GEM
  remote: http://rubygems.org/
  specs:
    activesupport (3.0.3)
    bson (1.0.4)
    bson_ext (1.0.4)
    i18n (0.5.0)
    jnunemaker-validatable (1.8.4)
      activesupport (>= 2.3.4)
    json (1.4.6)
    json (1.4.6-x86-mingw32)
    mongo (1.0.7)
      bson (>= 1.0.4)
    mongo_mapper (0.8.3)
      activesupport (>= 2.3.4)
      jnunemaker-validatable (~> 1.8.4)
      plucky (~> 0.3.3)
    plucky (0.3.4)
      mongo (~> 1.0.7)
    rack (1.2.1)
    sinatra (1.1.2)
      rack (~> 1.1)
      tilt (~> 1.2)
    tilt (1.2.2)

PLATFORMS
  ruby
  x86-mingw32

DEPENDENCIES
  bson (= 1.0.4)
  bson_ext (= 1.0.4)
  i18n
  json (= 1.4.6)
  mongo_mapper
  sinatra (= 1.1.2)
