GEM
  remote: http://rubygems.org/
  specs:
    activesupport (2.3.10)
    bson (1.0.4)
    bson_ext (1.0.4)
    durran-validatable (2.0.1)
    json (1.4.6)
    json (1.4.6-x86-mingw32)
    mongo (1.0.7)
      bson (>= 1.0.4)
    mongo_ext (0.19.3)
    mongoid (1.9.2)
      activesupport (< 3.0.0)
      bson (~> 1.0.1)
      durran-validatable (>= 2.0.1)
      mongo (~> 1.0.1)
      will_paginate (< 2.9)
    rack (1.2.1)
    sinatra (1.1.2)
      rack (~> 1.1)
      tilt (~> 1.2)
    sinatra-mongoid (0.0.2)
      mongo_ext
      mongoid
      sinatra
    tilt (1.2.2)
    will_paginate (2.3.15)

PLATFORMS
  ruby
  x86-mingw32

DEPENDENCIES
  bson (= 1.0.4)
  bson_ext (= 1.0.4)
  json (= 1.4.6)
  sinatra (= 1.1.2)
  sinatra-mongoid
